PATH
  remote: .
  specs:
    create_component (0.1.0)

GEM
  remote: https://rubygems.org/
  specs:
    rake (10.4.2)

PLATFORMS
  ruby

DEPENDENCIES
  bundler (~> 1.14)
  create_component!
  rake (~> 10.0)

BUNDLED WITH
   1.15.3
